PATH
  remote: .
  specs:
    dbml2mmd (0.1.0)
      slop (~> 4.0)

GEM
  remote: https://rubygems.org/
  specs:
    diff-lcs (1.5.1)
    rake (13.2.1)
    rspec (3.13.0)
      rspec-core (~> 3.13.0)
      rspec-expectations (~> 3.13.0)
      rspec-mocks (~> 3.13.0)
    rspec-core (3.13.2)
      rspec-support (~> 3.13.0)
    rspec-expectations (3.13.3)
      diff-lcs (>= 1.2.0, < 2.0)
      rspec-support (~> 3.13.0)
    rspec-mocks (3.13.2)
      diff-lcs (>= 1.2.0, < 2.0)
      rspec-support (~> 3.13.0)
    rspec-support (3.13.2)
    slop (4.10.1)

PLATFORMS
  arm64-darwin-23
  ruby

DEPENDENCIES
  dbml2mmd!
  rake (~> 13.0)
  rspec (~> 3.0)

BUNDLED WITH
   2.6.2
